PATH
  remote: .
  specs:
    mongodb-graphite (1.1.1)
      daemons
      mongo (>= 1.8.0)
      simple-graphite (>= 2.1.0)

GEM
  remote: http://rubygems.org/
  specs:
    bson (1.11.1)
    coderay (1.1.0)
    daemons (1.1.9)
    method_source (0.8.2)
    mongo (1.11.1)
      bson (= 1.11.1)
    pry (0.10.1)
      coderay (~> 1.1.0)
      method_source (~> 0.8.1)
      slop (~> 3.4)
    simple-graphite (2.1.0)
    slop (3.6.0)

PLATFORMS
  ruby

DEPENDENCIES
  mongodb-graphite!
  pry
